PATH
  remote: .
  specs:
    now-task-manager (0.1.0)
      filewatcher (~> 1.0)
      parslet (~> 1.8)
      refined-refinements (~> 0.0.2)
      rufus-scheduler (~> 3.4)
      term-ansicolor (~> 1.4)

GEM
  remote: https://rubygems.org/
  specs:
    coderay (1.1.2)
    coveralls (0.8.21)
      json (>= 1.8, < 3)
      simplecov (~> 0.14.1)
      term-ansicolor (~> 1.3)
      thor (~> 0.19.4)
      tins (~> 1.6)
    diff-lcs (1.3)
    docile (1.1.5)
    et-orbi (1.0.8)
      tzinfo
    filewatcher (1.0.1)
      trollop (~> 2.1, >= 2.1.2)
    github-markup (1.6.2)
    json (2.1.0)
    method_source (0.9.0)
    parslet (1.8.1)
    pry (0.11.3)
      coderay (~> 1.1.0)
      method_source (~> 0.9.0)
    redcarpet (3.4.0)
    refined-refinements (0.0.2)
    rspec (3.5.0)
      rspec-core (~> 3.5.0)
      rspec-expectations (~> 3.5.0)
      rspec-mocks (~> 3.5.0)
    rspec-core (3.5.4)
      rspec-support (~> 3.5.0)
    rspec-expectations (3.5.0)
      diff-lcs (>= 1.2.0, < 2.0)
      rspec-support (~> 3.5.0)
    rspec-mocks (3.5.0)
      diff-lcs (>= 1.2.0, < 2.0)
      rspec-support (~> 3.5.0)
    rspec-support (3.5.0)
    rufus-scheduler (3.4.2)
      et-orbi (~> 1.0)
    simplecov (0.14.1)
      docile (~> 1.1.0)
      json (>= 1.8, < 3)
      simplecov-html (~> 0.10.0)
    simplecov-html (0.10.2)
    term-ansicolor (1.6.0)
      tins (~> 1.0)
    thor (0.19.4)
    thread_safe (0.3.6)
    timecop (0.9.1)
    tins (1.16.0)
    trollop (2.1.2)
    tzinfo (1.2.4)
      thread_safe (~> 0.1)
    yard (0.9.12)
    yard-rspec (0.1)
      yard

PLATFORMS
  ruby

DEPENDENCIES
  coveralls
  github-markup
  now-task-manager!
  pry
  redcarpet
  rspec
  timecop
  yard
  yard-rspec

BUNDLED WITH
   1.16.0
