PATH
  remote: .
  specs:
    pomodoro (0.0.1)
      refined-refinements (~> 0.0)
      term-ansicolor (~> 1.4)

GEM
  remote: https://rubygems.org/
  specs:
    diff-lcs (1.3)
    refined-refinements (0.0.1)
    rspec (3.5.0)
      rspec-core (~> 3.5.0)
      rspec-expectations (~> 3.5.0)
      rspec-mocks (~> 3.5.0)
    rspec-core (3.5.4)
      rspec-support (~> 3.5.0)
    rspec-expectations (3.5.0)
      diff-lcs (>= 1.2.0, < 2.0)
      rspec-support (~> 3.5.0)
    rspec-mocks (3.5.0)
      diff-lcs (>= 1.2.0, < 2.0)
      rspec-support (~> 3.5.0)
    rspec-support (3.5.0)
    term-ansicolor (1.4.1)
      tins (~> 1.0)
    tins (1.13.2)

PLATFORMS
  ruby

DEPENDENCIES
  pomodoro!
  rspec

BUNDLED WITH
   1.14.6
