PATH
  remote: .
  specs:
    pomodoro (0.1.0)
      parslet (~> 1.8)
      refined-refinements (~> 0.0)
      term-ansicolor (~> 1.4)

GEM
  remote: https://rubygems.org/
  specs:
    coderay (1.1.2)
    diff-lcs (1.3)
    github-markup (1.6.2)
    method_source (0.9.0)
    parslet (1.8.1)
    pry (0.11.3)
      coderay (~> 1.1.0)
      method_source (~> 0.9.0)
    redcarpet (3.4.0)
    refined-refinements (0.0.1)
    rspec (3.5.0)
      rspec-core (~> 3.5.0)
      rspec-expectations (~> 3.5.0)
      rspec-mocks (~> 3.5.0)
    rspec-core (3.5.4)
      rspec-support (~> 3.5.0)
    rspec-expectations (3.5.0)
      diff-lcs (>= 1.2.0, < 2.0)
      rspec-support (~> 3.5.0)
    rspec-mocks (3.5.0)
      diff-lcs (>= 1.2.0, < 2.0)
      rspec-support (~> 3.5.0)
    rspec-support (3.5.0)
    term-ansicolor (1.6.0)
      tins (~> 1.0)
    tins (1.16.0)
    yard (0.9.12)
    yard-rspec (0.1)
      yard

PLATFORMS
  ruby

DEPENDENCIES
  github-markup
  pomodoro!
  pry
  redcarpet
  rspec
  yard
  yard-rspec

BUNDLED WITH
   1.16.0
