PATH
  remote: .
  specs:
    now-task-manager (0.1.0)
      i18n (~> 0.9)
      parslet (~> 1.8)
      refined-refinements (~> 0.0.2.1)
      term-ansicolor (~> 1.4)

GEM
  remote: https://rubygems.org/
  specs:
    coderay (1.1.2)
    concurrent-ruby (1.0.5)
    coveralls (0.8.21)
      json (>= 1.8, < 3)
      simplecov (~> 0.14.1)
      term-ansicolor (~> 1.3)
      thor (~> 0.19.4)
      tins (~> 1.6)
    diff-lcs (1.3)
    docile (1.1.5)
    github-markup (1.6.2)
    hpricot (0.8.6)
    i18n (0.9.1)
      concurrent-ruby (~> 1.0)
    json (2.1.0)
    method_source (0.9.0)
    mustache (1.0.5)
    parslet (1.8.2)
    pry (0.11.3)
      coderay (~> 1.1.0)
      method_source (~> 0.9.0)
    rdiscount (2.2.0.1)
    redcarpet (3.4.0)
    refined-refinements (0.0.2.1)
    ronn (0.7.3)
      hpricot (>= 0.8.2)
      mustache (>= 0.7.0)
      rdiscount (>= 1.5.8)
    rspec (3.7.0)
      rspec-core (~> 3.7.0)
      rspec-expectations (~> 3.7.0)
      rspec-mocks (~> 3.7.0)
    rspec-core (3.7.1)
      rspec-support (~> 3.7.0)
    rspec-expectations (3.7.0)
      diff-lcs (>= 1.2.0, < 2.0)
      rspec-support (~> 3.7.0)
    rspec-mocks (3.7.0)
      diff-lcs (>= 1.2.0, < 2.0)
      rspec-support (~> 3.7.0)
    rspec-support (3.7.0)
    simplecov (0.14.1)
      docile (~> 1.1.0)
      json (>= 1.8, < 3)
      simplecov-html (~> 0.10.0)
    simplecov-html (0.10.2)
    term-ansicolor (1.6.0)
      tins (~> 1.0)
    thor (0.19.4)
    timecop (0.9.1)
    tins (1.16.3)
    yard (0.9.12)
    yard-rspec (0.1)
      yard

PLATFORMS
  ruby

DEPENDENCIES
  coderay
  coveralls
  github-markup
  now-task-manager!
  pry
  redcarpet
  ronn
  rspec
  timecop
  yard
  yard-rspec

BUNDLED WITH
   1.16.1
